GEM
  remote: https://rubygems.org/
  specs:
    activesupport (5.0.0)
      concurrent-ruby (~> 1.0, >= 1.0.2)
      i18n (~> 0.7)
      minitest (~> 5.1)
      tzinfo (~> 1.1)
    concurrent-ruby (1.0.2)
    eventmachine (1.2.0.1)
    faraday (0.9.2)
      multipart-post (>= 1.2, < 3)
    faraday_middleware (0.10.0)
      faraday (>= 0.7.4, < 0.10)
    faye-websocket (0.9.2)
      eventmachine (>= 0.12.0)
      websocket-driver (>= 0.5.1)
    foreman (0.82.0)
      thor (~> 0.19.1)
    gli (2.14.0)
    google_image_fetcher (0.0.1)
      faraday
      thor
    hashie (3.4.4)
    i18n (0.7.0)
    json (2.0.1)
    minitest (5.9.0)
    multipart-post (2.0.0)
    slack-ruby-client (0.7.5)
      activesupport
      faraday
      faraday_middleware
      gli
      hashie
      json
      websocket-driver
    thor (0.19.1)
    thread_safe (0.3.5)
    tzinfo (1.2.2)
      thread_safe (~> 0.1)
    websocket-driver (0.6.4)
      websocket-extensions (>= 0.1.0)
    websocket-extensions (0.1.2)

PLATFORMS
  ruby

DEPENDENCIES
  activesupport
  faye-websocket
  foreman
  google_image_fetcher
  slack-ruby-client

BUNDLED WITH
   1.13.0
